GEM
  remote: https://rubygems.org/
  specs:
    jenkins-plugin-runtime (0.2.3)
      json
      slop (~> 3.0.2)
    json (2.1.0)
    slop (3.0.4)

PLATFORMS
  ruby

DEPENDENCIES
  jenkins-plugin-runtime (~> 0.2.3)

BUNDLED WITH
   1.15.3
